PATH
  remote: .
  specs:
    barometer (0.7.3)
      active_support
      httparty (>= 0.4.5)
      nokogiri
      tzinfo (>= 0.3.14)

GEM
  remote: http://rubygems.org/
  specs:
    active_support (3.0.0)
      activesupport (= 3.0.0)
    activesupport (3.0.0)
    diff-lcs (1.1.3)
    fakeweb (1.3.0)
    httparty (0.8.3)
      multi_json (~> 1.0)
      multi_xml
    metaclass (0.0.1)
    mocha (0.12.1)
      metaclass (~> 0.0.1)
    multi_json (1.3.6)
    multi_xml (0.5.1)
    nokogiri (1.5.5)
    rake (0.9.2.2)
    rspec (2.11.0)
      rspec-core (~> 2.11.0)
      rspec-expectations (~> 2.11.0)
      rspec-mocks (~> 2.11.0)
    rspec-core (2.11.1)
    rspec-expectations (2.11.2)
      diff-lcs (~> 1.1.3)
    rspec-mocks (2.11.1)
    tzinfo (0.3.33)
    vcr (2.2.4)

PLATFORMS
  ruby

DEPENDENCIES
  barometer!
  fakeweb
  mocha
  rake
  rspec (~> 2.6)
  vcr
